GEM
  remote: https://rubygems.org/
  specs:
    humanize (2.5.1)

PLATFORMS
  x86_64-linux

DEPENDENCIES
  humanize

RUBY VERSION
   ruby 3.0.2p107

BUNDLED WITH
   2.4.22
