GEM
  remote: https://rubygems.org/
  specs:
    colorize (1.1.0)

PLATFORMS
  x86_64-linux

DEPENDENCIES
  colorize

RUBY VERSION
   ruby 3.1.4p223

BUNDLED WITH
   2.3.26
